GEM
  remote: https://rubygems.org/
  specs:
    date (2.0.1)
    discourse_api (0.35.0)
      faraday (~> 0.9)
      faraday_middleware (~> 0.10)
      rack (>= 1.6)
    dotenv (2.7.2)
    faraday (0.15.4)
      multipart-post (>= 1.2, < 3)
    faraday_middleware (0.13.1)
      faraday (>= 0.7.4, < 1.0)
    logger (1.3.0)
    multipart-post (2.1.1)
    rack (2.0.7)

PLATFORMS
  ruby

DEPENDENCIES
  date
  discourse_api
  dotenv
  logger

BUNDLED WITH
   1.17.3
